PATH
  remote: .
  specs:
    oboe (2.1.0)

GEM
  remote: https://rubygems.org/
  specs:
    bson (1.8.2)
    bson_ext (1.8.2)
      bson (~> 1.8.2)
    cassandra (0.17.0)
      json
      rake
      simple_uuid (~> 0.2.0)
      thrift_client (>= 0.7.0, < 0.9)
    coderay (1.0.9)
    dalli (2.6.2)
    diff-lcs (1.1.3)
    ffi (1.4.0)
    guard (1.6.2)
      listen (>= 0.6.0)
      lumberjack (>= 1.0.2)
      pry (>= 0.9.10)
      terminal-table (>= 1.4.3)
      thor (>= 0.14.6)
    guard-rspec (2.4.1)
      guard (>= 1.1)
      rspec (~> 2.11)
    json (1.7.7)
    listen (0.7.3)
    lumberjack (1.0.2)
    memcache-client (1.8.5)
    memcached (1.5.0)
    method_source (0.8.1)
    mongo (1.8.2)
      bson (~> 1.8.2)
    moped (1.4.2)
    multi_json (1.6.1)
    pry (0.9.12)
      coderay (~> 1.0.5)
      method_source (~> 0.8)
      slop (~> 3.4)
    rack (1.4.5)
    rack-protection (1.3.2)
      rack
    rake (10.0.3)
    rb-fchange (0.0.6)
      ffi
    rb-fsevent (0.9.3)
    rb-inotify (0.9.0)
      ffi (>= 0.5.0)
    redis (3.0.2)
    redis-namespace (1.2.1)
      redis (~> 3.0.0)
    resque (1.23.0)
      multi_json (~> 1.0)
      redis-namespace (~> 1.0)
      sinatra (>= 0.9.2)
      vegas (~> 0.1.2)
    rspec (2.11.0)
      rspec-core (~> 2.11.0)
      rspec-expectations (~> 2.11.0)
      rspec-mocks (~> 2.11.0)
    rspec-core (2.11.1)
    rspec-expectations (2.11.3)
      diff-lcs (~> 1.1.3)
    rspec-mocks (2.11.2)
    simple_uuid (0.2.0)
    sinatra (1.3.4)
      rack (~> 1.4)
      rack-protection (~> 1.3)
      tilt (~> 1.3, >= 1.3.3)
    slop (3.4.3)
    terminal-table (1.4.5)
    thor (0.17.0)
    thrift (0.8.0)
    thrift_client (0.8.3)
      thrift (~> 0.8.0)
    tilt (1.3.3)
    vegas (0.1.11)
      rack (>= 1.0.0)

PLATFORMS
  ruby

DEPENDENCIES
  bson_ext
  cassandra
  dalli
  guard
  guard-rspec
  memcache-client
  memcached
  mongo
  moped
  oboe!
  rake
  rb-fchange
  rb-fsevent
  rb-inotify
  resque
  rspec
